GEM
  remote: https://rubygems.org/
  specs:
    celluloid (0.15.2)
      timers (~> 1.1.0)
    timers (1.1.0)

PLATFORMS
  ruby

DEPENDENCIES
  celluloid
